GEM
  remote: https://rubygems.org/
  specs:
    daemons (1.2.3)
    eventmachine (1.0.8)
    eventmachine (1.0.8-java)
    kgio (2.9.3)
    minitest (5.8.0)
    passenger (5.0.16)
      rack
      rake (>= 0.8.1)
    puma (2.13.4)
    puma (2.13.4-java)
    rack (1.6.4)
    rack-protection (1.5.3)
      rack
    raindrops (0.15.0)
    rake (10.4.2)
    sinatra (1.4.6)
      rack (~> 1.4)
      rack-protection (~> 1.4)
      tilt (>= 1.3, < 3)
    thin (1.6.3)
      daemons (~> 1.0, >= 1.0.9)
      eventmachine (~> 1.0)
      rack (~> 1.0)
    tilt (2.0.1)
    unicorn (4.9.0)
      kgio (~> 2.6)
      rack
      raindrops (~> 0.7)

PLATFORMS
  java
  ruby

DEPENDENCIES
  minitest
  passenger
  puma
  sinatra
  thin
  unicorn

BUNDLED WITH
   1.10.6
