GEM
  remote: https://rubygems.org/
  specs:
    daemons (1.2.3)
    eventmachine (1.2.0.1)
    kgio (2.10.0)
    minitest (5.9.0)
    passenger (5.0.28)
      rack
      rake (>= 0.8.1)
    puma (3.4.0)
    rack (1.6.4)
    raindrops (0.16.0)
    rake (11.1.2)
    roda (2.14.0)
      rack
    thin (1.7.0)
      daemons (~> 1.0, >= 1.0.9)
      eventmachine (~> 1.0, >= 1.0.4)
      rack (>= 1, < 3)
    unicorn (5.1.0)
      kgio (~> 2.6)
      raindrops (~> 0.7)

PLATFORMS
  ruby

DEPENDENCIES
  minitest
  passenger
  puma
  roda
  thin
  unicorn

BUNDLED WITH
   1.12.5
